GEM
  remote: https://rubygems.org/
  specs:
    actionmailer (3.2.8)
      actionpack (= 3.2.8)
      mail (~> 2.4.4)
    actionpack (3.2.8)
      activemodel (= 3.2.8)
      activesupport (= 3.2.8)
      builder (~> 3.0.0)
      erubis (~> 2.7.0)
      journey (~> 1.0.4)
      rack (~> 1.4.0)
      rack-cache (~> 1.2)
      rack-test (~> 0.6.1)
      sprockets (~> 2.1.3)
    activemodel (3.2.8)
      activesupport (= 3.2.8)
      builder (~> 3.0.0)
    activerecord (3.2.8)
      activemodel (= 3.2.8)
      activesupport (= 3.2.8)
      arel (~> 3.0.2)
      tzinfo (~> 0.3.29)
    activerecord-jdbc-adapter (1.2.2)
    activerecord-jdbcsqlite3-adapter (1.2.2)
      activerecord-jdbc-adapter (~> 1.2.2)
      jdbc-sqlite3 (~> 3.7.2)
    activeresource (3.2.8)
      activemodel (= 3.2.8)
      activesupport (= 3.2.8)
    activesupport (3.2.8)
      i18n (~> 0.6)
      multi_json (~> 1.0)
    addressable (2.3.2)
    arel (3.0.2)
    bouncy-castle-java (1.5.0146.1)
    builder (3.0.3)
    capybara (1.1.2)
      mime-types (>= 1.16)
      nokogiri (>= 1.3.3)
      rack (>= 1.0.0)
      rack-test (>= 0.5.4)
      selenium-webdriver (~> 2.0)
      xpath (~> 0.1.4)
    childprocess (0.3.5)
      ffi (~> 1.0, >= 1.0.6)
    diff-lcs (1.1.3)
    email_spec (1.2.1)
      mail (~> 2.2)
      rspec (~> 2.0)
    erubis (2.7.0)
    factory_girl (4.1.0)
      activesupport (>= 3.0.0)
    factory_girl_rails (4.1.0)
      factory_girl (~> 4.1.0)
      railties (>= 3.0.0)
    ffi (1.1.5)
    ffi (1.1.5-java)
    hike (1.2.1)
    i18n (0.6.1)
    jdbc-sqlite3 (3.7.2)
    journey (1.0.4)
    jruby-openssl (0.7.7)
      bouncy-castle-java (>= 1.5.0146.1)
    json (1.7.5)
    json (1.7.5-java)
    libwebsocket (0.1.5)
      addressable
    mail (2.4.4)
      i18n (>= 0.4.0)
      mime-types (~> 1.16)
      treetop (~> 1.4.8)
    mime-types (1.19)
    multi_json (1.3.6)
    nokogiri (1.5.5)
    nokogiri (1.5.5-java)
    polyglot (0.3.3)
    puma (1.6.3)
      rack (~> 1.2)
    puma (1.6.3-java)
      rack (~> 1.2)
    quiet_assets (1.0.1)
      railties (~> 3.1)
    rack (1.4.1)
    rack-cache (1.2)
      rack (>= 0.4)
    rack-ssl (1.3.2)
      rack
    rack-test (0.6.2)
      rack (>= 1.0)
    rails (3.2.8)
      actionmailer (= 3.2.8)
      actionpack (= 3.2.8)
      activerecord (= 3.2.8)
      activeresource (= 3.2.8)
      activesupport (= 3.2.8)
      bundler (~> 1.0)
      railties (= 3.2.8)
    rails-api (0.0.2)
      actionpack (>= 3.2.0)
      railties (>= 3.2.0)
      tzinfo (~> 0.3.31)
    railties (3.2.8)
      actionpack (= 3.2.8)
      activesupport (= 3.2.8)
      rack-ssl (~> 1.3.2)
      rake (>= 0.8.7)
      rdoc (~> 3.4)
      thor (>= 0.14.6, < 2.0)
    rake (0.9.2.2)
    rdoc (3.12)
      json (~> 1.4)
    rspec (2.11.0)
      rspec-core (~> 2.11.0)
      rspec-expectations (~> 2.11.0)
      rspec-mocks (~> 2.11.0)
    rspec-core (2.11.1)
    rspec-expectations (2.11.3)
      diff-lcs (~> 1.1.3)
    rspec-mocks (2.11.3)
    rspec-rails (2.11.0)
      actionpack (>= 3.0)
      activesupport (>= 3.0)
      railties (>= 3.0)
      rspec (~> 2.11.0)
    rubyzip (0.9.9)
    selenium-webdriver (2.25.0)
      childprocess (>= 0.2.5)
      libwebsocket (~> 0.1.3)
      multi_json (~> 1.0)
      rubyzip
    sprockets (2.1.3)
      hike (~> 1.2)
      rack (~> 1.0)
      tilt (~> 1.1, != 1.3.0)
    sqlite3 (1.3.6)
    thor (0.16.0)
    tilt (1.3.3)
    treetop (1.4.11)
      polyglot
      polyglot (>= 0.3.1)
    tzinfo (0.3.33)
    xpath (0.1.4)
      nokogiri (~> 1.3)

PLATFORMS
  java
  ruby

DEPENDENCIES
  activerecord-jdbcsqlite3-adapter
  capybara (>= 1.1.2)
  email_spec (>= 1.2.1)
  factory_girl_rails (>= 4.1.0)
  jruby-openssl
  puma (>= 1.6.3)
  quiet_assets (>= 1.0.1)
  rails (= 3.2.8)
  rails-api
  rspec-rails (>= 2.11.0)
  sqlite3
